PATH
  remote: .
  specs:
    openproject-two_factor_authentication (8.3.1)
      aws-sdk-sns (~> 1.1.0)
      messagebird-rest (~> 1.3.2)
      rotp (~> 3.3)

GEM
  remote: https://rubygems.org/
  specs:
    aws-partitions (1.82.0)
    aws-sdk-core (3.20.2)
      aws-partitions (~> 1.0)
      aws-sigv4 (~> 1.0)
      jmespath (~> 1.0)
    aws-sdk-sns (1.1.0)
      aws-sdk-core (~> 3)
      aws-sigv4 (~> 1.0)
    aws-sigv4 (1.0.2)
    jmespath (1.4.0)
    messagebird-rest (1.3.3)
    rotp (3.3.1)

PLATFORMS
  ruby

DEPENDENCIES
  openproject-two_factor_authentication!

BUNDLED WITH
   2.0.1
